GIT
  remote: git://github.com/jphenow/heroku_san
  revision: ca2e086024fe7d44598173af93c55d37e9e3431d
  branch: bug/wrong-ruby-version-loaded
  specs:
    heroku_san (4.2.5)
      heroku-api (>= 0.1.2)
      rake

GEM
  remote: https://rubygems.org/
  specs:
    actionmailer (4.2.1)
      actionpack (= 4.2.1)
      actionview (= 4.2.1)
      activejob (= 4.2.1)
      mail (~> 2.5, >= 2.5.4)
      rails-dom-testing (~> 1.0, >= 1.0.5)
    actionpack (4.2.1)
      actionview (= 4.2.1)
      activesupport (= 4.2.1)
      rack (~> 1.6)
      rack-test (~> 0.6.2)
      rails-dom-testing (~> 1.0, >= 1.0.5)
      rails-html-sanitizer (~> 1.0, >= 1.0.1)
    actionview (4.2.1)
      activesupport (= 4.2.1)
      builder (~> 3.1)
      erubis (~> 2.7.0)
      rails-dom-testing (~> 1.0, >= 1.0.5)
      rails-html-sanitizer (~> 1.0, >= 1.0.1)
    active_attr (0.8.5)
      activemodel (>= 3.0.2, < 5.0)
      activesupport (>= 3.0.2, < 5.0)
    activejob (4.2.1)
      activesupport (= 4.2.1)
      globalid (>= 0.3.0)
    activemodel (4.2.1)
      activesupport (= 4.2.1)
      builder (~> 3.1)
    activerecord (4.2.1)
      activemodel (= 4.2.1)
      activesupport (= 4.2.1)
      arel (~> 6.0)
    activesupport (4.2.1)
      i18n (~> 0.7)
      json (~> 1.7, >= 1.7.7)
      minitest (~> 5.1)
      thread_safe (~> 0.3, >= 0.3.4)
      tzinfo (~> 1.1)
    addressable (2.3.8)
    arel (6.0.3)
    autoprefixer-rails (6.1.1)
      execjs
      json
    babel-source (5.8.34)
    babel-transpiler (0.7.0)
      babel-source (>= 4.0, < 6)
      execjs (~> 2.0)
    bcrypt (3.1.10)
    better_errors (2.1.1)
      coderay (>= 1.0.0)
      erubis (>= 2.6.6)
      rack (>= 0.9.0)
    binding_of_caller (0.7.2)
      debug_inspector (>= 0.0.1)
    bootstrap-sass (3.3.5)
      autoprefixer-rails (>= 5.0.0.1)
      sass (>= 3.2.19)
    bugsnag (2.8.12)
      json (~> 1.7, >= 1.7.7)
    builder (3.2.2)
    byebug (8.2.0)
    chunky_png (1.3.5)
    coderay (1.1.0)
    coffee-rails (4.1.0)
      coffee-script (>= 2.2.0)
      railties (>= 4.0.0, < 5.0)
    coffee-script (2.4.1)
      coffee-script-source
      execjs
    coffee-script-source (1.10.0)
    compass (0.12.7)
      chunky_png (~> 1.2)
      fssm (>= 0.2.7)
      sass (~> 3.2.19)
    compass-rails (2.0.0)
      compass (>= 0.12.2)
    connection_pool (2.2.0)
    debug_inspector (0.0.2)
    devise (3.5.2)
      bcrypt (~> 3.0)
      orm_adapter (~> 0.1)
      railties (>= 3.2.6, < 5)
      responders
      thread_safe (~> 0.1)
      warden (~> 1.2.3)
    diff-lcs (1.2.5)
    domain_name (0.5.25)
      unf (>= 0.0.5, < 1.0.0)
    enumerize (1.0.0)
      activesupport (>= 3.2)
    erb2haml (0.1.5)
      html2haml
    erubis (2.7.0)
    excon (0.45.4)
    execjs (2.6.0)
    factory_girl (4.5.0)
      activesupport (>= 3.0.0)
    factory_girl_rails (4.5.0)
      factory_girl (~> 4.5.0)
      railties (>= 3.0.0)
    font-awesome-rails (4.5.0.0)
      railties (>= 3.2, < 5.0)
    fssm (0.2.10)
    globalid (0.3.6)
      activesupport (>= 4.1.0)
    haml (4.0.7)
      tilt
    haml-rails (0.9.0)
      actionpack (>= 4.0.1)
      activesupport (>= 4.0.1)
      haml (>= 4.0.6, < 5.0)
      html2haml (>= 1.0.1)
      railties (>= 4.0.1)
    heroku-api (0.4.0)
      excon (~> 0.45)
      multi_json (~> 1.8)
    hike (1.2.3)
    hirb (0.7.3)
    html2haml (2.0.0)
      erubis (~> 2.7.0)
      haml (~> 4.0.0)
      nokogiri (~> 1.6.0)
      ruby_parser (~> 3.5)
    http-cookie (1.0.2)
      domain_name (~> 0.5)
    i18n (0.7.0)
    i18n_generators (2.0.0)
      mechanize
      rails (>= 3.0.0)
    jbuilder (2.3.2)
      activesupport (>= 3.0.0, < 5)
      multi_json (~> 1.2)
    jquery-rails (4.0.5)
      rails-dom-testing (~> 1.0)
      railties (>= 4.2.0)
      thor (>= 0.14, < 2.0)
    json (1.8.3)
    launchy (2.4.3)
      addressable (~> 2.3)
    letter_opener (1.4.1)
      launchy (~> 2.2)
    lodash-rails (3.10.1)
      railties (>= 3.1)
    loofah (2.0.3)
      nokogiri (>= 1.5.9)
    mail (2.6.3)
      mime-types (>= 1.16, < 3)
    mechanize (2.7.3)
      domain_name (~> 0.5, >= 0.5.1)
      http-cookie (~> 1.0)
      mime-types (~> 2.0)
      net-http-digest_auth (~> 1.1, >= 1.1.1)
      net-http-persistent (~> 2.5, >= 2.5.2)
      nokogiri (~> 1.4)
      ntlm-http (~> 0.1, >= 0.1.1)
      webrobots (>= 0.0.9, < 0.2)
    mime-types (2.99)
    mini_portile (0.6.2)
    minitest (5.8.3)
    multi_json (1.11.2)
    mysql2 (0.3.20)
    net-http-digest_auth (1.4)
    net-http-persistent (2.9.4)
    newrelic_rpm (3.14.0.305)
    nokogiri (1.6.6.4)
      mini_portile (~> 0.6.0)
    ntlm-http (0.1.1)
    orm_adapter (0.5.0)
    pg (0.18.4)
    puma (2.15.3)
    quiet_assets (1.1.0)
      railties (>= 3.1, < 5.0)
    rack (1.6.4)
    rack-test (0.6.3)
      rack (>= 1.0)
    rails (4.2.1)
      actionmailer (= 4.2.1)
      actionpack (= 4.2.1)
      actionview (= 4.2.1)
      activejob (= 4.2.1)
      activemodel (= 4.2.1)
      activerecord (= 4.2.1)
      activesupport (= 4.2.1)
      bundler (>= 1.3.0, < 2.0)
      railties (= 4.2.1)
      sprockets-rails
    rails-deprecated_sanitizer (1.0.3)
      activesupport (>= 4.2.0.alpha)
    rails-dom-testing (1.0.7)
      activesupport (>= 4.2.0.beta, < 5.0)
      nokogiri (~> 1.6.0)
      rails-deprecated_sanitizer (>= 1.0.1)
    rails-html-sanitizer (1.0.2)
      loofah (~> 2.0)
    rails_12factor (0.0.3)
      rails_serve_static_assets
      rails_stdout_logging
    rails_serve_static_assets (0.0.4)
    rails_stdout_logging (0.0.4)
    railties (4.2.1)
      actionpack (= 4.2.1)
      activesupport (= 4.2.1)
      rake (>= 0.8.7)
      thor (>= 0.18.1, < 2.0)
    rake (10.4.2)
    react-rails (1.5.0)
      babel-transpiler (>= 0.7.0)
      coffee-script-source (~> 1.8)
      connection_pool
      execjs
      rails (>= 3.2)
      tilt
    responders (2.1.0)
      railties (>= 4.2.0, < 5)
    roboto (0.2.0)
      actionpack (>= 3.0.0)
      rails (>= 3.1.0)
    rspec-core (3.4.1)
      rspec-support (~> 3.4.0)
    rspec-expectations (3.4.0)
      diff-lcs (>= 1.2.0, < 2.0)
      rspec-support (~> 3.4.0)
    rspec-mocks (3.4.0)
      diff-lcs (>= 1.2.0, < 2.0)
      rspec-support (~> 3.4.0)
    rspec-rails (3.4.0)
      actionpack (>= 3.0, < 4.3)
      activesupport (>= 3.0, < 4.3)
      railties (>= 3.0, < 4.3)
      rspec-core (~> 3.4.0)
      rspec-expectations (~> 3.4.0)
      rspec-mocks (~> 3.4.0)
      rspec-support (~> 3.4.0)
    rspec-support (3.4.1)
    ruby_parser (3.7.2)
      sexp_processor (~> 4.1)
    sass (3.2.19)
    sass-rails (4.0.5)
      railties (>= 4.0.0, < 5.0)
      sass (~> 3.2.2)
      sprockets (~> 2.8, < 3.0)
      sprockets-rails (~> 2.0)
    sexp_processor (4.6.0)
    spring (1.4.4)
    spring-commands-rspec (1.0.4)
      spring (>= 0.9.1)
    sprockets (2.12.4)
      hike (~> 1.2)
      multi_json (~> 1.0)
      rack (~> 1.0)
      tilt (~> 1.1, != 1.3.0)
    sprockets-rails (2.3.3)
      actionpack (>= 3.0)
      activesupport (>= 3.0)
      sprockets (>= 2.8, < 4.0)
    thor (0.19.1)
    thread_safe (0.3.5)
    tilt (1.4.1)
    turbolinks (2.5.3)
      coffee-rails
    tzinfo (1.2.2)
      thread_safe (~> 0.1)
    uglifier (2.7.2)
      execjs (>= 0.3.0)
      json (>= 1.8.0)
    unf (0.1.4)
      unf_ext
    unf_ext (0.0.7.1)
    warden (1.2.3)
      rack (>= 1.0)
    web-console (2.2.1)
      activemodel (>= 4.0)
      binding_of_caller (>= 0.7.2)
      railties (>= 4.0)
      sprockets-rails (>= 2.0, < 4.0)
    webrobots (0.1.1)
    zurui-sass-rails (0.0.4)
      railties (>= 3.1)

PLATFORMS
  ruby

DEPENDENCIES
  active_attr
  better_errors
  binding_of_caller
  bootstrap-sass (>= 3.0.0.0)
  bugsnag
  byebug
  coffee-rails (~> 4.1.0)
  compass-rails
  devise
  enumerize
  erb2haml
  factory_girl_rails
  font-awesome-rails
  haml-rails
  heroku_san!
  hirb
  i18n_generators
  jbuilder (~> 2.0)
  jquery-rails
  letter_opener
  lodash-rails
  mysql2 (~> 0.3.20)
  newrelic_rpm
  pg
  puma
  quiet_assets
  rails (= 4.2.1)
  rails_12factor
  react-rails (~> 1.0)
  roboto
  rspec-rails
  sass-rails (~> 4.0.0)
  spring
  spring-commands-rspec
  sprockets
  turbolinks
  uglifier (>= 1.3.0)
  web-console (~> 2.0)
  zurui-sass-rails

BUNDLED WITH
   1.10.2
